GEM
  remote: https://rubygems.org/
  specs:
    addressable (2.7.0)
      public_suffix (>= 2.0.2, < 5.0)
    allure-rspec (2.13.7)
      allure-ruby-commons (= 2.13.7)
      rspec-core (>= 3.8, < 4)
      ruby2_keywords (~> 0.0.2)
    allure-ruby-commons (2.13.7)
      mime-types (>= 3.3, < 4)
      oj (>= 3.10, < 4)
      require_all (>= 2, < 4)
      uuid (>= 2.3, < 3)
    ast (2.4.1)
    client-api (0.4.1)
      json-schema (~> 2.8)
      logger (~> 1.0)
    coderay (1.1.3)
    diff-lcs (1.4.4)
    json-schema (2.8.1)
      addressable (>= 2.4)
    logger (1.4.2)
    macaddr (1.7.2)
      systemu (~> 2.6.5)
    method_source (1.0.0)
    mime-types (3.3.1)
      mime-types-data (~> 3.2015)
    mime-types-data (3.2020.1104)
    oj (3.10.16)
    parallel (1.20.1)
    parallel_tests (3.4.0)
      parallel
    parser (2.7.2.0)
      ast (~> 2.4.1)
    pry (0.13.1)
      coderay (~> 1.1)
      method_source (~> 1.0)
    public_suffix (4.0.6)
    rainbow (3.0.0)
    regexp_parser (2.0.0)
    require_all (3.0.0)
    rexml (3.2.4)
    rspec (3.10.0)
      rspec-core (~> 3.10.0)
      rspec-expectations (~> 3.10.0)
      rspec-mocks (~> 3.10.0)
    rspec-core (3.10.0)
      rspec-support (~> 3.10.0)
    rspec-expectations (3.10.0)
      diff-lcs (>= 1.2.0, < 2.0)
      rspec-support (~> 3.10.0)
    rspec-mocks (3.10.0)
      diff-lcs (>= 1.2.0, < 2.0)
      rspec-support (~> 3.10.0)
    rspec-support (3.10.0)
    rspec_junit_formatter (0.4.1)
      rspec-core (>= 2, < 4, != 2.12.0)
    rubocop (1.6.0)
      parallel (~> 1.10)
      parser (>= 2.7.1.5)
      rainbow (>= 2.2.2, < 4.0)
      regexp_parser (>= 1.8, < 3.0)
      rexml
      rubocop-ast (>= 1.2.0, < 2.0)
      ruby-progressbar (~> 1.7)
      unicode-display_width (>= 1.4.0, < 2.0)
    rubocop-ast (1.3.0)
      parser (>= 2.7.1.5)
    ruby-progressbar (1.10.1)
    ruby2_keywords (0.0.2)
    systemu (2.6.5)
    unicode-display_width (1.7.0)
    uuid (2.3.9)
      macaddr (~> 1.0)

PLATFORMS
  ruby

DEPENDENCIES
  allure-rspec (~> 2.13, >= 2.13.7)
  allure-ruby-commons (~> 2.13, >= 2.13.7)
  client-api (~> 0.4.1)
  parallel_tests (~> 3.4)
  pry (~> 0.13.1)
  rspec (~> 3.10)
  rspec-expectations (~> 3.10)
  rspec_junit_formatter (~> 0.4.1)
  rubocop (~> 1.6)

RUBY VERSION
   ruby 2.7.0p0

BUNDLED WITH
   2.1.2
